GIT
  remote: https://github.com/projecttacoma/cqm-models
  revision: b8fd3ef0b197ee4a31371f409993fef3e26d85ad
  branch: master
  specs:
    cqm-models (4.2.0)

GEM
  remote: https://rubygems.org/
  specs:
    activemodel (7.1.3.2)
      activesupport (= 7.1.3.2)
    activesupport (7.1.3.2)
      base64
      bigdecimal
      concurrent-ruby (~> 1.0, >= 1.0.2)
      connection_pool (>= 2.2.5)
      drb
      i18n (>= 1.6, < 2)
      minitest (>= 5.1)
      mutex_m
      tzinfo (~> 2.0)
    base64 (0.2.0)
    bigdecimal (3.1.6)
    bson (4.15.0)
    concurrent-ruby (1.2.3)
    connection_pool (2.4.1)
    cqm-reports (4.1.0)
      cqm-models (~> 4.0)
      cqm-validators (~> 4.0)
      erubis (~> 2.7)
      log4r (~> 1.1)
      memoist (~> 0.9)
      mongoid-tree (> 2.0)
      mustache
      nokogiri (>= 1.8.5, < 1.15.0)
      uuid (~> 2.3)
      zip-zip (~> 0.3)
    cqm-validators (4.0.4)
      nokogiri (>= 1.8.5, < 1.15.0)
    domain_name (0.6.20240107)
    drb (2.2.0)
      ruby2_keywords
    erubis (2.7.0)
    http-accept (1.7.0)
    http-cookie (1.0.5)
      domain_name (~> 0.5)
    i18n (1.14.1)
      concurrent-ruby (~> 1.0)
    jwt (2.8.1)
      base64
    log4r (1.1.10)
    macaddr (1.7.2)
      systemu (~> 2.6.5)
    memoist (0.16.2)
    mime-types (3.5.2)
      mime-types-data (~> 3.2015)
    mime-types-data (3.2024.0206)
    mini_portile2 (2.8.6)
    minitest (5.22.2)
    mongo (2.19.3)
      bson (>= 4.14.1, < 5.0.0)
    mongoid (8.1.4)
      activemodel (>= 5.1, < 7.2, != 7.0.0)
      concurrent-ruby (>= 1.0.5, < 2.0)
      mongo (>= 2.18.0, < 3.0.0)
      ruby2_keywords (~> 0.0.5)
    mongoid-tree (2.2.0)
      mongoid (>= 4.0, < 9)
    mustache (1.1.1)
    mustermann (3.0.0)
      ruby2_keywords (~> 0.0.1)
    mutex_m (0.2.0)
    netrc (0.11.0)
    nokogiri (1.14.5)
      mini_portile2 (~> 2.8.0)
      racc (~> 1.4)
    nokogiri (1.14.5-arm64-darwin)
      racc (~> 1.4)
    nokogiri (1.14.5-x86_64-linux)
      racc (~> 1.4)
    passenger (6.0.20)
      rack
      rake (>= 0.8.1)
    racc (1.7.3)
    rack (3.0.11)
    rack-contrib (2.5.0)
      rack (< 4)
    rack-protection (4.0.0)
      base64 (>= 0.1.0)
      rack (>= 3.0.0, < 4)
    rack-session (2.0.0)
      rack (>= 3.0.0)
    rack-test (2.1.0)
      rack (>= 1.3)
    rackup (2.1.0)
      rack (>= 3)
      webrick (~> 1.8)
    rake (13.1.0)
    rest-client (2.1.0)
      http-accept (>= 1.7.0, < 2.0)
      http-cookie (>= 1.0.2, < 2.0)
      mime-types (>= 1.16, < 4.0)
      netrc (~> 0.8)
    ruby2_keywords (0.0.5)
    rubyzip (2.3.2)
    sinatra (4.0.0)
      mustermann (~> 3.0)
      rack (>= 3.0.0, < 4)
      rack-protection (= 4.0.0)
      rack-session (>= 2.0.0, < 3)
      tilt (~> 2.0)
    systemu (2.6.5)
    tilt (2.3.0)
    tzinfo (2.0.6)
      concurrent-ruby (~> 1.0)
    uuid (2.3.9)
      macaddr (~> 1.0)
    webrick (1.8.1)
    zip-zip (0.3)
      rubyzip (>= 1.0.0)

PLATFORMS
  arm64-darwin-22
  ruby
  x86_64-linux

DEPENDENCIES
  cqm-models!
  cqm-reports (= 4.1.0)
  jwt
  minitest
  passenger
  rack-contrib (~> 2.5, >= 2.5.0)
  rack-test
  rackup (~> 2.1)
  rest-client
  sinatra

BUNDLED WITH
   2.4.20
